GEM
  remote: https://rubygems.org/
  remote: https://rails-assets.org/
  specs:
    action_mailer_cache_delivery (0.3.7)
      actionmailer (>= 3.0)
    actionmailer (4.2.7.1)
      actionpack (= 4.2.7.1)
      actionview (= 4.2.7.1)
      activejob (= 4.2.7.1)
      mail (~> 2.5, >= 2.5.4)
      rails-dom-testing (~> 1.0, >= 1.0.5)
    actionpack (4.2.7.1)
      actionview (= 4.2.7.1)
      activesupport (= 4.2.7.1)
      rack (~> 1.6)
      rack-test (~> 0.6.2)
      rails-dom-testing (~> 1.0, >= 1.0.5)
      rails-html-sanitizer (~> 1.0, >= 1.0.2)
    actionview (4.2.7.1)
      activesupport (= 4.2.7.1)
      builder (~> 3.1)
      erubis (~> 2.7.0)
      rails-dom-testing (~> 1.0, >= 1.0.5)
      rails-html-sanitizer (~> 1.0, >= 1.0.2)
    activejob (4.2.7.1)
      activesupport (= 4.2.7.1)
      globalid (>= 0.3.0)
    activemodel (4.2.7.1)
      activesupport (= 4.2.7.1)
      builder (~> 3.1)
    activerecord (4.2.7.1)
      activemodel (= 4.2.7.1)
      activesupport (= 4.2.7.1)
      arel (~> 6.0)
    activesupport (4.2.7.1)
      i18n (~> 0.7)
      json (~> 1.7, >= 1.7.7)
      minitest (~> 5.1)
      thread_safe (~> 0.3, >= 0.3.4)
      tzinfo (~> 1.1)
    addressable (2.3.8)
    arel (6.0.4)
    attr_encrypted (1.3.0)
      encryptor (>= 1.3.0)
    autoprefixer-rails (5.2.1.1)
      execjs
      json
    awesome_print (1.6.1)
    aws-sdk (1.64.0)
      aws-sdk-v1 (= 1.64.0)
    aws-sdk-v1 (1.64.0)
      json (~> 1.4)
      nokogiri (>= 1.4.4)
    bcrypt (3.1.11)
    better_errors (2.1.1)
      coderay (>= 1.0.0)
      erubis (>= 2.6.6)
      rack (>= 0.9.0)
    binding_of_caller (0.7.2)
      debug_inspector (>= 0.0.1)
    bootstrap-sass (3.3.5)
      autoprefixer-rails (>= 5.0.0.1)
      sass (>= 3.2.19)
    brakeman (3.0.5)
      erubis (~> 2.6)
      fastercsv (~> 1.5)
      haml (>= 3.0, < 5.0)
      highline (~> 1.6.20)
      multi_json (~> 1.2)
      ruby2ruby (~> 2.1.1)
      ruby_parser (~> 3.7.0)
      sass (~> 3.0)
      terminal-table (~> 1.4)
    browser-timezone-rails (1.0.1)
      js_cookie_rails
      jstz-rails3-plus
      rails (>= 3.1)
    builder (3.2.3)
    bullet (4.14.7)
      activesupport (>= 3.0.0)
      uniform_notifier (~> 1.9.0)
    byebug (8.2.4)
    callsite (0.0.11)
    capybara (2.4.4)
      mime-types (>= 1.16)
      nokogiri (>= 1.3.3)
      rack (>= 1.0.0)
      rack-test (>= 0.5.4)
      xpath (~> 2.0)
    capybara-webkit (1.7.1)
      capybara (>= 2.3.0, < 2.6.0)
      json
    chunky_png (1.3.4)
    climate_control (0.1.0)
    cocaine (0.5.8)
      climate_control (>= 0.0.3, < 1.0)
    coderay (1.1.0)
    coffee-rails (4.0.1)
      coffee-script (>= 2.2.0)
      railties (>= 4.0.0, < 5.0)
    coffee-script (2.4.1)
      coffee-script-source
      execjs
    coffee-script-source (1.9.1.1)
    compass (0.12.7)
      chunky_png (~> 1.2)
      fssm (>= 0.2.7)
      sass (~> 3.2.19)
    compass-rails (2.0.0)
      compass (>= 0.12.2)
    cucumber (1.3.20)
      builder (>= 2.1.2)
      diff-lcs (>= 1.1.3)
      gherkin (~> 2.12)
      multi_json (>= 1.7.5, < 2.0)
      multi_test (>= 0.1.2)
    cucumber-rails (1.4.2)
      capybara (>= 1.1.2, < 3)
      cucumber (>= 1.3.8, < 2)
      mime-types (>= 1.16, < 3)
      nokogiri (~> 1.5)
      rails (>= 3, < 5)
    database_cleaner (1.4.1)
    debug_inspector (0.0.2)
    devise (3.5.1)
      bcrypt (~> 3.0)
      orm_adapter (~> 0.1)
      railties (>= 3.2.6, < 5)
      responders
      thread_safe (~> 0.1)
      warden (~> 1.2.3)
    devise-i18n (0.12.1)
    diff-lcs (1.2.5)
    docile (1.1.5)
    doorkeeper (4.2.5)
      railties (>= 4.2)
    email_spec (1.6.0)
      launchy (~> 2.1)
      mail (~> 2.2)
    encryptor (1.3.0)
    erubis (2.7.0)
    execjs (2.5.2)
    factory_girl (4.5.0)
      activesupport (>= 3.0.0)
    factory_girl_rails (4.5.0)
      factory_girl (~> 4.5.0)
      railties (>= 3.0.0)
    faker (1.4.3)
      i18n (~> 0.5)
    faraday (1.0.0)
      multipart-post (>= 1.2, < 3)
    fastercsv (1.5.5)
    fluent-logger (0.5.0)
      msgpack (>= 0.4.4, < 0.6.0, != 0.5.3, != 0.5.2, != 0.5.1, != 0.5.0)
    font-awesome-rails (4.6.3.1)
      railties (>= 3.2, < 5.1)
    fssm (0.2.10)
    gherkin (2.12.2)
      multi_json (~> 1.3)
    git-version-bump (0.15.1)
    github-markup (1.4.0)
    globalid (0.3.7)
      activesupport (>= 4.1.0)
    haml (4.0.6)
      tilt
    hamlit (2.7.0)
      temple (~> 0.7.6)
      thor
      tilt
    hashie (3.6.0)
    highline (1.6.21)
    hike (1.2.3)
    hirb (0.7.3)
    hirb-unicode (0.0.5)
      hirb (~> 0.5)
      unicode-display_width (~> 0.1.1)
    i18n (0.8.1)
    i18n-country-translations (1.2.2)
      i18n (~> 0.5)
      railties (>= 3.0)
    i18n-docs (0.0.10)
      rake
    i18n_country_select (1.1.5)
      i18n (~> 0.5)
      i18n-country-translations (~> 1.0, >= 1.0.3)
      unicode_utils (~> 1.0, >= 1.0.0)
    immigrant (0.3.4)
      activerecord (>= 3.0)
    jbuilder (2.3.1)
      activesupport (>= 3.0.0, < 5)
      multi_json (~> 1.2)
    jquery-rails (4.2.2)
      rails-dom-testing (>= 1, < 3)
      railties (>= 4.2.0)
      thor (>= 0.14, < 2.0)
    js_cookie_rails (2.1.3)
      railties (>= 3.1)
    json (1.8.2)
    jstz-rails3-plus (1.0.5)
      railties (>= 3.1)
    jwt (2.2.1)
    kgio (2.9.3)
    launchy (2.4.3)
      addressable (~> 2.3)
    letter_opener (1.4.1)
      launchy (~> 2.2)
    log4r (1.1.10)
    loofah (2.0.3)
      nokogiri (>= 1.5.9)
    mail (2.6.4)
      mime-types (>= 1.16, < 4)
    meta_request (0.4.0)
      callsite (~> 0.0, >= 0.0.11)
      rack-contrib (~> 1.1)
      railties (>= 3.0.0, < 5.1.0)
    method_source (0.8.2)
    mime-types (2.99.3)
    mimemagic (0.3.10)
      nokogiri (~> 1)
      rake
    mini_portile2 (2.6.1)
    minitest (5.10.1)
    msgpack (0.5.12)
    multi_json (1.14.1)
    multi_test (0.1.2)
    multi_xml (0.6.0)
    multipart-post (2.1.1)
    mysql2 (0.4.5)
    nokogiri (1.12.5)
      mini_portile2 (~> 2.6.1)
      racc (~> 1.4)
    oauth2 (1.4.4)
      faraday (>= 0.8, < 2.0)
      jwt (>= 1.0, < 3.0)
      multi_json (~> 1.3)
      multi_xml (~> 0.5)
      rack (>= 1.2, < 3)
    omniauth (1.9.0)
      hashie (>= 3.4.6, < 3.7.0)
      rack (>= 1.6.2, < 3)
    omniauth-facebook (3.0.0)
      omniauth-oauth2 (~> 1.2)
    omniauth-google-oauth2 (0.8.0)
      jwt (>= 2.0)
      omniauth (>= 1.1.1)
      omniauth-oauth2 (>= 1.6)
    omniauth-oauth2 (1.6.0)
      oauth2 (~> 1.1)
      omniauth (~> 1.9)
    orm_adapter (0.5.0)
    paperclip (5.1.0)
      activemodel (>= 4.2.0)
      activesupport (>= 4.2.0)
      cocaine (~> 0.5.5)
      mime-types
      mimemagic (~> 0.3.0)
    pry (0.10.1)
      coderay (~> 1.1.0)
      method_source (~> 0.8.1)
      slop (~> 3.4)
    pry-rails (0.3.4)
      pry (>= 0.9.10)
    pry-remote (0.1.8)
      pry (~> 0.9)
      slop (~> 3.0)
    quiet_assets (1.1.0)
      railties (>= 3.1, < 5.0)
    racc (1.5.2)
    rack (1.6.13)
    rack-contrib (1.4.0)
      git-version-bump (~> 0.15)
      rack (~> 1.4)
    rack-test (0.6.3)
      rack (>= 1.0)
    rack_session_access (0.1.1)
      builder (>= 2.0.0)
      rack (>= 1.0.0)
    rails (4.2.7.1)
      actionmailer (= 4.2.7.1)
      actionpack (= 4.2.7.1)
      actionview (= 4.2.7.1)
      activejob (= 4.2.7.1)
      activemodel (= 4.2.7.1)
      activerecord (= 4.2.7.1)
      activesupport (= 4.2.7.1)
      bundler (>= 1.3.0, < 2.0)
      railties (= 4.2.7.1)
      sprockets-rails
    rails-api (0.4.0)
      actionpack (>= 3.2.11)
      railties (>= 3.2.11)
    rails-assets-entropizer (0.1.3)
    rails-assets-jquery (2.1.4)
    rails-assets-jquery-entropizer (0.1.0)
      rails-assets-entropizer (>= 0.1.3)
      rails-assets-jquery (>= 1.7.2)
    rails-deprecated_sanitizer (1.0.3)
      activesupport (>= 4.2.0.alpha)
    rails-dom-testing (1.0.8)
      activesupport (>= 4.2.0.beta, < 5.0)
      nokogiri (~> 1.6)
      rails-deprecated_sanitizer (>= 1.0.1)
    rails-html-sanitizer (1.0.3)
      loofah (~> 2.0)
    rails-i18n (4.0.4)
      i18n (~> 0.6)
      railties (~> 4.0)
    rails_config (0.4.2)
      activesupport (>= 3.0)
    railties (4.2.7.1)
      actionpack (= 4.2.7.1)
      activesupport (= 4.2.7.1)
      rake (>= 0.8.7)
      thor (>= 0.18.1, < 2.0)
    raindrops (0.15.0)
    rake (10.4.2)
    rdoc (4.3.0)
    recaptcha (3.3.0)
      json
    redcarpet (3.3.4)
    redis (3.2.1)
    redis-actionpack (5.0.1)
      actionpack (>= 4.0, < 6)
      redis-rack (>= 1, < 3)
      redis-store (>= 1.1.0, < 1.4.0)
    redis-activesupport (5.0.2)
      activesupport (>= 3, < 6)
      redis-store (~> 1.3.0)
    redis-objects (1.2.0)
      redis (>= 3.0.2)
    redis-rack (2.0.2)
      rack (>= 1.5, < 3)
      redis-store (>= 1.2, < 1.4)
    redis-rails (5.0.2)
      redis-actionpack (>= 5.0, < 6)
      redis-activesupport (>= 5.0, < 6)
      redis-store (>= 1.2, < 2)
    redis-store (1.3.0)
      redis (>= 2.2)
    responders (2.3.0)
      railties (>= 4.2.0, < 5.1)
    rspec-core (3.3.2)
      rspec-support (~> 3.3.0)
    rspec-expectations (3.3.1)
      diff-lcs (>= 1.2.0, < 2.0)
      rspec-support (~> 3.3.0)
    rspec-mocks (3.3.2)
      diff-lcs (>= 1.2.0, < 2.0)
      rspec-support (~> 3.3.0)
    rspec-rails (3.3.3)
      actionpack (>= 3.0, < 4.3)
      activesupport (>= 3.0, < 4.3)
      railties (>= 3.0, < 4.3)
      rspec-core (~> 3.3.0)
      rspec-expectations (~> 3.3.0)
      rspec-mocks (~> 3.3.0)
      rspec-support (~> 3.3.0)
    rspec-support (3.3.0)
    ruby2ruby (2.1.4)
      ruby_parser (~> 3.1)
      sexp_processor (~> 4.0)
    ruby_parser (3.7.0)
      sexp_processor (~> 4.1)
    sass (3.2.19)
    sass-rails (4.0.5)
      railties (>= 4.0.0, < 5.0)
      sass (~> 3.2.2)
      sprockets (~> 2.8, < 3.0)
      sprockets-rails (~> 2.0)
    sdoc (0.4.1)
      json (~> 1.7, >= 1.7.7)
      rdoc (~> 4.0)
    select2-rails (3.5.9.3)
      thor (~> 0.14)
    sexp_processor (4.6.0)
    simple_form (3.2.1)
      actionpack (> 4, < 5.1)
      activemodel (> 4, < 5.1)
    simplecov (0.10.0)
      docile (~> 1.1.0)
      json (~> 1.8)
      simplecov-html (~> 0.10.0)
    simplecov-html (0.10.0)
    slop (3.6.0)
    spring (1.3.6)
    sprockets (2.12.4)
      hike (~> 1.2)
      multi_json (~> 1.0)
      rack (~> 1.0)
      tilt (~> 1.1, != 1.3.0)
    sprockets-rails (2.3.3)
      actionpack (>= 3.0)
      activesupport (>= 3.0)
      sprockets (>= 2.8, < 4.0)
    temple (0.7.7)
    terminal-table (1.5.2)
    thor (0.19.4)
    thread_safe (0.3.6)
    tilt (1.4.1)
    timecop (0.8.1)
    tzinfo (1.2.3)
      thread_safe (~> 0.1)
    uglifier (2.7.1)
      execjs (>= 0.3.0)
      json (>= 1.8.0)
    unicode-display_width (0.1.1)
    unicode_utils (1.4.0)
    unicorn (4.9.0)
      kgio (~> 2.6)
      rack
      raindrops (~> 0.7)
    uniform_notifier (1.9.0)
    warden (1.2.6)
      rack (>= 1.0)
    web-console (2.3.0)
      activemodel (>= 4.0)
      binding_of_caller (>= 0.7.2)
      railties (>= 4.0)
      sprockets-rails (>= 2.0, < 4.0)
    xmpp4r (0.5.6)
    xpath (2.0.0)
      nokogiri (~> 1.3)
    yard (0.8.7.6)
    yard-cucumber (2.3.2)
      cucumber (~> 1.3)
      gherkin (~> 2.12)
      yard (>= 0.8.1)

PLATFORMS
  ruby

DEPENDENCIES
  action_mailer_cache_delivery
  attr_encrypted (= 1.3.0)
  awesome_print
  aws-sdk (~> 1)
  better_errors
  binding_of_caller
  bootstrap-sass
  brakeman
  browser-timezone-rails (= 1.0.1)
  bullet
  byebug
  capybara
  capybara-webkit (~> 1.7)
  coffee-rails (~> 4.0.0)
  compass-rails
  cucumber-rails
  database_cleaner
  devise (= 3.5.1)
  devise-i18n
  doorkeeper
  email_spec
  factory_girl_rails
  faker
  fluent-logger
  font-awesome-rails (= 4.6.3.1)
  github-markup
  hamlit
  hirb
  hirb-unicode
  i18n-country-translations (= 1.2.2)
  i18n-docs
  i18n_country_select (= 1.1.5)
  immigrant (~> 0.1)
  jbuilder (~> 2.0)
  jquery-rails
  json (= 1.8.2)
  letter_opener
  log4r
  meta_request
  mysql2 (= 0.4.5)
  omniauth
  omniauth-facebook
  omniauth-google-oauth2 (>= 0.8.0)
  omniauth-oauth2 (>= 1.6)
  paperclip
  pry
  pry-rails
  pry-remote
  quiet_assets
  rack_session_access
  rails (= 4.2.7.1)
  rails-api
  rails-assets-entropizer (= 0.1.3)!
  rails-assets-jquery-entropizer (= 0.1.0)!
  rails-i18n
  rails_config
  rake (= 10.4.2)
  recaptcha (~> 3.3.0)
  redcarpet
  redis-objects
  redis-rails
  rspec-rails (~> 3.0)
  sass-rails (~> 4.0.3)
  sdoc (~> 0.4.0)
  select2-rails
  simple_form (= 3.2.1)
  simplecov
  spring
  timecop (= 0.8.1)
  uglifier (>= 1.3.0)
  unicorn
  web-console (~> 2.0)
  xmpp4r
  yard
  yard-cucumber

BUNDLED WITH
   1.15.4
